GEM
  remote: https://ruby.taobao.org/
  specs:
    sass (3.4.19)

PLATFORMS
  ruby

DEPENDENCIES
  sass (~> 3.1)
